GEM
  remote: https://rubygems.org/
  specs:
    activesupport (5.0.0.1)
      concurrent-ruby (~> 1.0, >= 1.0.2)
      i18n (~> 0.7)
      minitest (~> 5.1)
      tzinfo (~> 1.1)
    addressable (2.3.8)
    clockwork (2.0.0)
      activesupport
      tzinfo
    concurrent-ruby (1.0.2)
    dotenv (2.1.1)
    i18n (0.7.0)
    keen (0.9.6)
      addressable (~> 2.3.5)
      multi_json (~> 1.3)
    minitest (5.9.0)
    multi_json (1.12.1)
    pushpop (0.4.0)
      clockwork
      dotenv
      sinatra
      thor
    pushpop-keen (0.3)
      keen
      pushpop
    pushpop-slack (0.2.3)
      pushpop
      slack-notifier
    rack (1.6.4)
    rack-protection (1.5.3)
      rack
    sinatra (1.4.7)
      rack (~> 1.5)
      rack-protection (~> 1.4)
      tilt (>= 1.3, < 3)
    slack-notifier (1.5.1)
    thor (0.19.1)
    thread_safe (0.3.5)
    tilt (2.0.5)
    tzinfo (1.2.2)
      thread_safe (~> 0.1)

PLATFORMS
  ruby

DEPENDENCIES
  pushpop
  pushpop-keen
  pushpop-slack
  sinatra

BUNDLED WITH
   1.12.5
